GEM
  remote: http://rubygems.org/
  specs:
    actionmailer (2.3.11)
      actionpack (= 2.3.11)
    actionpack (2.3.11)
      activesupport (= 2.3.11)
      rack (~> 1.1.0)
    activerecord (2.3.11)
      activesupport (= 2.3.11)
    activerecord-jdbc-adapter (1.2.2)
    activeresource (2.3.11)
      activesupport (= 2.3.11)
    activesupport (2.3.11)
    blankslate (2.1.2.4)
    clj (0.0.5.6)
    haml (3.1.4)
    jdbc-sqlite3 (3.7.2)
    newrelic_rpm (3.3.2)
    rack (1.1.3)
    rails (2.3.11)
      actionmailer (= 2.3.11)
      actionpack (= 2.3.11)
      activerecord (= 2.3.11)
      activeresource (= 2.3.11)
      activesupport (= 2.3.11)
      rake (>= 0.8.3)
    rake (0.9.2.2)
    sqlite3 (1.3.5)
    thor (0.14.6)
    torquebox (2.0.0.cr1)
      thor (>= 0.9.0, < 1.0.0)
      torquebox-cache (= 2.0.0.cr1)
      torquebox-configure (= 2.0.0.cr1)
      torquebox-core (= 2.0.0.cr1)
      torquebox-messaging (= 2.0.0.cr1)
      torquebox-naming (= 2.0.0.cr1)
      torquebox-rake-support (= 2.0.0.cr1)
      torquebox-security (= 2.0.0.cr1)
      torquebox-stomp (= 2.0.0.cr1)
      torquebox-transactions (= 2.0.0.cr1)
      torquebox-web (= 2.0.0.cr1)
    torquebox-cache (2.0.0.cr1-java)
      torquebox-core (= 2.0.0.cr1)
      torquebox-transactions (= 2.0.0.cr1)
    torquebox-configure (2.0.0.cr1-java)
      blankslate (= 2.1.2.4)
    torquebox-core (2.0.0.cr1-java)
    torquebox-messaging (2.0.0.cr1-java)
      clj (= 0.0.5.6)
      torquebox-core (= 2.0.0.cr1)
      torquebox-transactions (= 2.0.0.cr1)
    torquebox-naming (2.0.0.cr1-java)
    torquebox-rake-support (2.0.0.cr1)
      rake (>= 0.8.7, < 1.0.0)
    torquebox-security (2.0.0.cr1-java)
      torquebox-core (= 2.0.0.cr1)
    torquebox-stomp (2.0.0.cr1)
      torquebox-core (= 2.0.0.cr1)
      torquebox-messaging (= 2.0.0.cr1)
    torquebox-transactions (2.0.0.cr1)
      torquebox-core (= 2.0.0.cr1)
    torquebox-web (2.0.0.cr1-java)

PLATFORMS
  java

DEPENDENCIES
  activerecord-jdbc-adapter
  haml (= 3.1.4)
  jdbc-sqlite3
  newrelic_rpm
  rails (= 2.3.11)
  sqlite3
  torquebox (= 2.0.0.cr1)
  torquebox-rake-support (= 2.0.0.cr1)
